GEM
  remote: https://rubygems.org/
  specs:
    activesupport (4.2.8)
      i18n (~> 0.7)
      minitest (~> 5.1)
      thread_safe (~> 0.3, >= 0.3.4)
      tzinfo (~> 1.1)
    addressable (2.5.1)
      public_suffix (~> 2.0, >= 2.0.2)
    colorator (1.1.0)
    ffi (1.9.18)
    forwardable-extended (2.6.0)
    html-pipeline (2.6.0)
      activesupport (>= 2)
      nokogiri (>= 1.4)
    i18n (0.8.1)
    jekyll (3.4.3)
      addressable (~> 2.4)
      colorator (~> 1.0)
      jekyll-sass-converter (~> 1.0)
      jekyll-watch (~> 1.1)
      kramdown (~> 1.3)
      liquid (~> 3.0)
      mercenary (~> 0.3.3)
      pathutil (~> 0.9)
      rouge (~> 1.7)
      safe_yaml (~> 1.0)
    jekyll-email-protect (1.0.3)
    jekyll-optional-front-matter (0.1.2)
      jekyll (~> 3.0)
    jekyll-paginate (1.1.0)
    jekyll-redirect-from (0.12.1)
      jekyll (~> 3.3)
    jekyll-relative-links (0.4.0)
      jekyll (~> 3.3)
    jekyll-sass-converter (1.5.0)
      sass (~> 3.4)
    jekyll-sitemap (1.0.0)
      jekyll (~> 3.3)
    jekyll-watch (1.5.0)
      listen (~> 3.0, < 3.1)
    kramdown (1.13.2)
    liquid (3.0.6)
    listen (3.0.6)
      rb-fsevent (>= 0.9.3)
      rb-inotify (>= 0.9.7)
    mercenary (0.3.6)
    mini_portile2 (2.1.0)
    minitest (5.10.2)
    nokogiri (1.7.2)
      mini_portile2 (~> 2.1.0)
    pathutil (0.14.0)
      forwardable-extended (~> 2.6)
    public_suffix (2.0.5)
    rb-fsevent (0.9.8)
    rb-inotify (0.9.8)
      ffi (>= 0.5.0)
    rouge (1.11.1)
    safe_yaml (1.0.4)
    sass (3.4.24)
    thread_safe (0.3.6)
    tzinfo (1.2.3)
      thread_safe (~> 0.1)

PLATFORMS
  ruby

DEPENDENCIES
  activesupport
  html-pipeline
  jekyll
  jekyll-email-protect
  jekyll-optional-front-matter
  jekyll-paginate
  jekyll-redirect-from
  jekyll-relative-links
  jekyll-sass-converter
  jekyll-sitemap
  kramdown
  liquid
  listen
  nokogiri
  rouge
  sass

BUNDLED WITH
   1.15.1
